PATH
  remote: .
  specs:
    search_parser (0.0.1)
      parslet (~> 1.2)

GEM
  remote: http://rubygems.org/
  specs:
    blankslate (2.1.2.4)
    minitest (2.10.0)
    minitest-matchers (1.1.3)
      minitest (>= 2.5.0)
    parslet (1.2.3)
      blankslate (~> 2.0)
    rake (0.9.1)

PLATFORMS
  ruby

DEPENDENCIES
  minitest
  minitest-matchers
  rake
  search_parser!
